PATH
  remote: .
  specs:
    cableguy (0.5.0.pre2)
      sequel
      sqlite3
      thor

GEM
  remote: https://rubygems.org/
  specs:
    faraday (0.9.2)
      multipart-post (>= 1.2, < 3)
    gemfury (0.6.0)
      faraday (>= 0.9.0, < 0.10.0.pre)
      highline (~> 1.6.0)
      multi_json (~> 1.10)
      netrc (~> 0.10.0)
      thor (>= 0.14.0, < 1.0.0.pre)
    highline (1.6.21)
    minitest (5.10.1)
    multi_json (1.12.1)
    multipart-post (2.0.0)
    netrc (0.10.3)
    rake (12.0.0)
    sequel (4.45.0)
    sqlite3 (1.3.13)
    thor (0.19.4)

PLATFORMS
  ruby

DEPENDENCIES
  cableguy!
  gemfury
  minitest
  rake

BUNDLED WITH
   1.14.6
